{
  "AcquisitionMatrixPE": 96,
  "AcquisitionNumber": 1,
  "AcquisitionTime": "16:23:29.247500",
  "BaseResolution": 96,
  "BodyPartExamined": "BRAIN",
  "ConsistencyInfo": "N4_VE11C_LATEST_20160120",
  "ConversionSoftware": "dcm2niix",
  "ConversionSoftwareVersion": "v1.0.20190902",
  "DeviceSerialNumber": "66112",
  "DwellTime": 8.8e-06,
  "EchoNumber": 2,
  "EchoTime": 0.00738,
  "EchoTime1": 0.00492,
  "EchoTime2": 0.00738,
  "FlipAngle": 60,
  "ImageOrientationPatientDICOM": [
    0.999257,
    0.0354107,
    -0.0151983,
    -0.0362918,
    0.9974,
    -0.0622551
  ],
  "ImageType": [
    "ORIGINAL",
    "PRIMARY",
    "P",
    "ND"
  ],
  "ImagingFrequency": 123.252,
  "InPlanePhaseEncodingDirectionDICOM": "COL",
  "InstitutionAddress": "Maynard_3_Hanover_NH_US_03755",
  "InstitutionName": "Dartmouth_College_-_PBS",
  "InstitutionalDepartmentName": "Department",
  "IntendedFor": [
    "func/sub-sid000134_task-movie_run-01_bold.nii.gz",
    "func/sub-sid000134_task-movie_run-02_bold.nii.gz",
    "func/sub-sid000134_task-movie_run-03_bold.nii.gz",
    "func/sub-sid000134_task-movie_run-04_bold.nii.gz",
    "func/sub-sid000134_task-movie_run-05_bold.nii.gz"
  ],
  "MRAcquisitionType": "2D",
  "MagneticFieldStrength": 3,
  "Manufacturer": "Siemens",
  "ManufacturersModelName": "Prisma",
  "Modality": "MR",
  "PartialFourier": 1,
  "PatientPosition": "HFS",
  "PercentPhaseFOV": 100,
  "PhaseEncodingDirection": "j-",
  "PhaseEncodingSteps": 96,
  "PhaseResolution": 1,
  "PixelBandwidth": 590,
  "ProcedureStepDescription": "Gobbini_Matteo_1037_budapest",
  "ProtocolName": "fmap_acq-2.5mm",
  "PulseSequenceDetails": "%SiemensSeq%_gre_field_mapping",
  "ReceiveCoilActiveElements": "HEA;HEP",
  "ReceiveCoilName": "Head_32",
  "ReconMatrixPE": 96,
  "RepetitionTime": 0.675,
  "SAR": 0.0867643,
  "ScanningSequence": "GR",
  "SequenceName": "_fm2d2r",
  "SequenceVariant": "SP",
  "SeriesDescription": "fmap_acq-2.5mm",
  "SeriesNumber": 7,
  "ShimSetting": [
    4148,
    -7728,
    -7312,
    704,
    -59,
    -78,
    1,
    97
  ],
  "SliceThickness": 2.5,
  "SliceTiming": [
    0.34375,
    0,
    0.35938,
    0.01562,
    0.375,
    0.03125,
    0.39062,
    0.04688,
    0.39062,
    0.0625,
    0.40625,
    0.07812,
    0.42188,
    0.09375,
    0.4375,
    0.09375,
    0.45312,
    0.10938,
    0.46875,
    0.125,
    0.48438,
    0.14062,
    0.5,
    0.15625,
    0.51562,
    0.17188,
    0.53125,
    0.1875,
    0.53125,
    0.20312,
    0.54688,
    0.21875,
    0.5625,
    0.23438,
    0.57812,
    0.23438,
    0.59375,
    0.25,
    0.60938,
    0.26562,
    0.625,
    0.28125,
    0.64062,
    0.29688,
    0.65625,
    0.3125,
    0.65625,
    0.32812
  ],
  "SoftwareVersions": "syngo_MR_E11",
  "SpacingBetweenSlices": 2.5,
  "StationName": "AWP66112",
  "TxRefAmp": 230.61,
  "dcmmeta_affine": [
    [
      -2.498143196105957,
      -0.09072950482368469,
      -0.032385826110839844,
      123.7895736694336
    ],
    [
      -0.08852683007717133,
      2.4935004711151123,
      -0.15690112113952637,
      -102.00296020507812
    ],
    [
      -0.037995845079422,
      0.155637726187706,
      2.494861602783203,
      -74.94288635253906
    ],
    [
      0.0,
      0.0,
      0.0,
      1.0
    ]
  ],
  "dcmmeta_reorient_transform": [
    [
      0.0,
      -1.0,
      0.0,
      95.0
    ],
    [
      1.0,
      0.0,
      0.0,
      0.0
    ],
    [
      0.0,
      0.0,
      -1.0,
      47.0
    ],
    [
      0.0,
      0.0,
      0.0,
      1.0
    ]
  ],
  "dcmmeta_shape": [
    96,
    96,
    48
  ],
  "dcmmeta_slice_dim": 2,
  "dcmmeta_version": 0.6,
  "global": {
    "const": {
      "AccessionNumber": "A001265",
      "AcquisitionMatrix": [
        96,
        0,
        0,
        96
      ],
      "AcquisitionNumber": 1,
      "AngioFlag": "N",
      "BitsAllocated": 16,
      "BitsStored": 12,
      "BodyPartExamined": "BRAIN",
      "Columns": 96,
      "EchoNumbers": 2,
      "EchoTime": 7.38,
      "EchoTrainLength": 0,
      "FlipAngle": 60.0,
      "HighBit": 11,
      "ImageOrientationPatient": [
        0.99925726941775,
        0.03541073320341,
        -0.0151983383888,
        -0.036291802201,
        0.99740022511091,
        -0.0622550884804
      ],
      "ImageType": [
        "ORIGINAL",
        "PRIMARY",
        "P",
        "ND"
      ],
      "ImagedNucleus": "1H",
      "ImagingFrequency": 123.252302,
      "InPlanePhaseEncodingDirection": "COL",
      "MRAcquisitionType": "2D",
      "MagneticFieldStrength": 3.0,
      "Manufacturer": "SIEMENS",
      "ManufacturerModelName": "Prisma",
      "Modality": "MR",
      "NumberOfAverages": 1.0,
      "NumberOfPhaseEncodingSteps": 96,
      "PercentPhaseFieldOfView": 100.0,
      "PercentSampling": 100.0,
      "PerformedProcedureStepStartTime": "160714.090000",
      "PhotometricInterpretation": "MONOCHROME2",
      "PixelBandwidth": 590.0,
      "PixelRepresentation": 0,
      "PixelSpacing": [
        2.5,
        2.5
      ],
      "ProtocolName": "fmap_acq-2.5mm",
      "RepetitionTime": 675.0,
      "RescaleIntercept": -4096.0,
      "RescaleSlope": 2.0,
      "RescaleType": "US",
      "Rows": 96,
      "SAR": 0.08676432160103,
      "SamplesPerPixel": 1,
      "ScanningSequence": "GR",
      "SequenceName": "*fm2d2r",
      "SequenceVariant": "SP",
      "SeriesDescription": "fmap_acq-2.5mm",
      "SeriesNumber": 7,
      "SeriesTime": "162538.674000",
      "SliceThickness": 2.5,
      "SoftwareVersions": "syngo MR E11",
      "SpacingBetweenSlices": 2.5,
      "SpecificCharacterSet": "ISO_IR 100",
      "StudyID": "2",
      "StudyTime": "160714.043000",
      "TransmitCoilName": "Body",
      "VariableFlipAngleFlag": "N",
      "WindowCenterWidthExplanation": "Algo1",
      "dBdt": 0.0
    },
