{
  "AcquisitionMatrixPE": 96,
  "AcquisitionNumber": 1,
  "AcquisitionTime": "20:16:35.447500",
  "BandwidthPerPixelPhaseEncode": 18.939,
  "BaseResolution": 96,
  "BodyPartExamined": "BRAIN",
  "ConsistencyInfo": "N4_VE11C_LATEST_20160120",
  "ConversionSoftware": "dcm2niix",
  "ConversionSoftwareVersion": "v1.0.20190902",
  "DerivedVendorReportedEchoSpacing": 0.000550011,
  "DeviceSerialNumber": "66112",
  "DwellTime": 2.2e-06,
  "EchoTime": 0.033,
  "EchoTrainLength": 96,
  "EffectiveEchoSpacing": 0.000550011,
  "FlipAngle": 59,
  "ImageOrientationPatientDICOM": [0.996976, 0.0527895, 0.0570293, -0.0557396, 0.997119, 0.0514398],
  "ImageType": [
    "ORIGINAL",
    "PRIMARY",
    "FMRI",
    "NONE",
    "ND",
    "NORM",
    "MOSAIC"
],
  "ImagingFrequency": 123.252,
  "InPlanePhaseEncodingDirectionDICOM": "COL",
  "InstitutionAddress": "Maynard_3_Hanover_NH_US_03755",
  "InstitutionName": "Dartmouth_College_-_PBS",
  "InstitutionalDepartmentName": "Department",
  "MRAcquisitionType": "2D",
  "MagneticFieldStrength": 3,
  "Manufacturer": "Siemens",
  "ManufacturersModelName": "Prisma",
  "Modality": "MR",
  "MultibandAccelerationFactor": 4,
  "PartialFourier": 1,
  "PatientPosition": "HFS",
  "PercentPhaseFOV": 100,
  "PhaseEncodingDirection": "j-",
  "PhaseEncodingSteps": 96,
  "PhaseResolution": 1,
  "PixelBandwidth": 2365,
  "ProcedureStepDescription": "Gobbini_Matteo_1037_budapest",
  "ProtocolName": "func_run-04_task-movie",
  "PulseSequenceDetails": "%SiemensSeq%_ep2d_bold",
  "ReceiveCoilActiveElements": "HEA;HEP",
  "ReceiveCoilName": "Head_32",
  "ReconMatrixPE": 96,
  "RefLinesPE": 12,
  "RepetitionTime": 1,
  "SAR": 0.0658042,
  "ScanOptions": "FS",
  "ScanningSequence": "EP",
  "SequenceName": "_epfid2d1_96",
  "SequenceVariant": "SK",
  "SeriesDescription": "func_run-04_task-movie",
  "SeriesNumber": 29,
  "ShimSetting": [4169, -7725, -7269, 652, -17, -224, 121, 132],
  "SliceThickness": 2.5,
  "SliceTiming": [0.735, 0, 0.49, 0.0825, 0.5725, 0.165, 0.655, 0.3275, 0.8175, 0.41, 0.9, 0.245, 0.735, 0, 0.49, 0.0825, 0.5725, 0.165, 0.655, 0.3275, 0.8175, 0.41, 0.9, 0.245, 0.735, 0, 0.49, 0.0825, 0.5725, 0.165, 0.655, 0.3275, 0.8175, 0.41, 0.9, 0.245, 0.735, 0, 0.49, 0.0825, 0.5725, 0.165, 0.655, 0.3275, 0.8175, 0.41, 0.9, 0.245],
  "SoftwareVersions": "syngo_MR_E11",
  "SpacingBetweenSlices": 2.5,
  "StationName": "AWP66112",
  "TaskName": "movie",
  "TotalReadoutTime": 0.0522511,
  "TxRefAmp": 271.448,
  "dcmmeta_affine": [
    [-2.4924397468566895, -0.13934902846813202, 0.13537386059761047, 130.6332244873047],
    [-0.13197383284568787, 2.492798328399658, 0.13615766167640686, -104.76751708984375],
    [0.142573282122612, -0.12859958410263062, 2.4926159381866455, -65.32911682128906],
    [0.0, 0.0, 0.0, 1.0]
],
  "dcmmeta_reorient_transform": [
    [0.0, -1.0, 0.0, 95.0],
    [1.0, 0.0, 0.0, 0.0],
    [0.0, 0.0, 1.0, 0.0],
    [0.0, 0.0, 0.0, 1.0]
],
  "dcmmeta_shape": [96, 96, 48, 618],
  "dcmmeta_slice_dim": 2,
  "dcmmeta_version": 0.6,
  "global": {
    "const": {
      "AccessionNumber": "A001147",
      "AcquisitionMatrix": [96, 0, 0, 96],
      "AngioFlag": "N",
      "BitsAllocated": 16,
      "BitsStored": 12,
      "BodyPartExamined": "BRAIN",
      "Columns": 672,
      "EchoNumbers": 1,
      "EchoTime": 33.0,
      "EchoTrainLength": 96,
      "FlipAngle": 59.0,
      "HighBit": 11,
      "ImageOrientationPatient": [0.99697588877746, 0.05278953475706, 0.05702931015301, -0.0557396087908, 0.99711937064817, 0.05143983563393],
      "ImagePositionPatient": [-795.08518863633, -887.98274567712, -155.64385998789],
      "ImageType": [
        "ORIGINAL",
        "PRIMARY",
        "FMRI",
        "NONE",
        "ND",
        "NORM",
        "MOSAIC"
],
      "ImagedNucleus": "1H",
      "ImagingFrequency": 123.252317,
      "InPlanePhaseEncodingDirection": "COL",
      "MRAcquisitionType": "2D",
      "MagneticFieldStrength": 3.0,
      "Manufacturer": "SIEMENS",
      "ManufacturerModelName": "Prisma",
      "Modality": "MR",
      "NumberOfAverages": 1.0,
      "NumberOfPhaseEncodingSteps": 96,
      "PercentPhaseFieldOfView": 100.0,
      "PercentSampling": 100.0,
      "PerformedProcedureStepStartTime": "193049.501000",
      "PhotometricInterpretation": "MONOCHROME2",
      "PixelBandwidth": 2365.0,
      "PixelRepresentation": 0,
      "PixelSpacing": [2.5, 2.5],
      "ProtocolName": "func_run-04_task-movie",
      "RepetitionTime": 1000.0,
      "Rows": 672,
      "SAR": 0.0658041549675,
      "SamplesPerPixel": 1,
      "ScanOptions": "FS",
      "ScanningSequence": "EP",
      "SequenceName": "*epfid2d1_96",
      "SequenceVariant": "SK",
      "SeriesDescription": "func_run-04_task-movie",
      "SeriesNumber": 29,
      "SeriesTime": "201636.486000",
      "SliceLocation": -63.768391204577,
      "SliceThickness": 2.5,
      "SmallestImagePixelValue": 0,
      "SoftwareVersions": "syngo MR E11",
      "SpacingBetweenSlices": 2.4999999490533,
      "SpecificCharacterSet": "ISO_IR 100",
      "StudyID": "1",
      "StudyTime": "193049.446000",
      "TransmitCoilName": "Body",
      "VariableFlipAngleFlag": "N",
      "WindowCenterWidthExplanation": "Algo1",
      "dBdt": 0.0},
