{
  "AcquisitionMatrixPE": 96,
  "AcquisitionNumber": 1,
  "AcquisitionTime": "11:57:17.042500",
  "BaseResolution": 96,
  "BodyPartExamined": "BRAIN",
  "ConsistencyInfo": "N4_VE11C_LATEST_20160120",
  "ConversionSoftware": "dcm2niix",
  "ConversionSoftwareVersion": "v1.0.20190902",
  "DeviceSerialNumber": "66112",
  "DwellTime": 8.8e-06,
  "EchoNumber": 2,
  "EchoTime": 0.00738,
  "FlipAngle": 60,
  "ImageOrientationPatientDICOM": [
    0.998774,
    -0.0273447,
    0.041256,
    0.0258049,
    0.998967,
    0.0374051
  ],
  "ImageType": [
    "ORIGINAL",
    "PRIMARY",
    "M",
    "ND",
    "NORM"
  ],
  "ImagingFrequency": 123.252,
  "InPlanePhaseEncodingDirectionDICOM": "COL",
  "InstitutionAddress": "Maynard_3_Hanover_NH_US_03755",
  "InstitutionName": "Dartmouth_College_-_PBS",
  "InstitutionalDepartmentName": "Department",
  "MRAcquisitionType": "2D",
  "MagneticFieldStrength": 3,
  "Manufacturer": "Siemens",
  "ManufacturersModelName": "Prisma",
  "Modality": "MR",
  "PartialFourier": 1,
  "PatientPosition": "HFS",
  "PercentPhaseFOV": 100,
  "PhaseEncodingDirection": "j-",
  "PhaseEncodingSteps": 96,
  "PhaseResolution": 1,
  "PixelBandwidth": 590,
  "ProcedureStepDescription": "Gobbini_Matteo_1037_budapest",
  "ProtocolName": "fmap_acq-2.5mm",
  "PulseSequenceDetails": "%SiemensSeq%_gre_field_mapping",
  "ReceiveCoilActiveElements": "HEA;HEP",
  "ReceiveCoilName": "Head_32",
  "ReconMatrixPE": 96,
  "RepetitionTime": 0.675,
  "SAR": 0.0815183,
  "ScanningSequence": "GR",
  "SequenceName": "_fm2d2r",
  "SequenceVariant": "SP",
  "SeriesDescription": "fmap_acq-2.5mm",
  "SeriesNumber": 6,
  "ShimSetting": [
    4155,
    -7695,
    -7412,
    609,
    -63,
    -74,
    -47,
    103
  ],
  "SliceThickness": 2.5,
  "SliceTiming": [
    0.33594,
    0,
    0.35156,
    0.01562,
    0.36719,
    0.03125,
    0.38281,
    0.04688,
    0.39844,
    0.0625,
    0.40625,
    0.07812,
    0.42188,
    0.08594,
    0.4375,
    0.10156,
    0.45312,
    0.11719,
    0.46875,
    0.13281,
    0.48438,
    0.14062,
    0.49219,
    0.15625,
    0.50781,
    0.17188,
    0.52344,
    0.1875,
    0.53906,
    0.20312,
    0.55469,
    0.21094,
    0.5625,
    0.22656,
    0.57812,
    0.24219,
    0.59375,
    0.25781,
    0.60938,
    0.26562,
    0.625,
    0.28125,
    0.63281,
    0.29688,
    0.64844,
    0.3125,
    0.66406,
    0.32812
  ],
  "SoftwareVersions": "syngo_MR_E11",
  "SpacingBetweenSlices": 2.5,
  "StationName": "AWP66112",
  "TxRefAmp": 246.64
}