{
  "AcquisitionMatrixPE": 96,
  "AcquisitionNumber": 1,
  "AcquisitionTime": "12:46:6.015000",
  "BaseResolution": 96,
  "BodyPartExamined": "BRAIN",
  "ConsistencyInfo": "N4_VE11C_LATEST_20160120",
  "ConversionSoftware": "dcm2niix",
  "ConversionSoftwareVersion": "v1.0.20190902",
  "DeviceSerialNumber": "66112",
  "DwellTime": 8.8e-06,
  "EchoNumber": 2,
  "EchoTime": 0.00738,
  "FlipAngle": 60,
  "ImageOrientationPatientDICOM": [
    0.998604,
    0.0360301,
    0.0386377,
    -0.0369662,
    0.999033,
    0.023793
  ],
  "ImageType": [
    "ORIGINAL",
    "PRIMARY",
    "M",
    "ND",
    "NORM"
  ],
  "ImagingFrequency": 123.252,
  "InPlanePhaseEncodingDirectionDICOM": "COL",
  "InstitutionAddress": "Maynard_3_Hanover_NH_US_03755",
  "InstitutionName": "Dartmouth_College_-_PBS",
  "InstitutionalDepartmentName": "Department",
  "MRAcquisitionType": "2D",
  "MagneticFieldStrength": 3,
  "Manufacturer": "Siemens",
  "ManufacturersModelName": "Prisma",
  "Modality": "MR",
  "PartialFourier": 1,
  "PatientPosition": "HFS",
  "PercentPhaseFOV": 100,
  "PhaseEncodingDirection": "j-",
  "PhaseEncodingSteps": 96,
  "PhaseResolution": 1,
  "PixelBandwidth": 590,
  "ProcedureStepDescription": "Gobbini_Matteo_1037_budapest",
  "ProtocolName": "fmap_acq-2.5mm",
  "PulseSequenceDetails": "%SiemensSeq%_gre_field_mapping",
  "ReceiveCoilActiveElements": "HEA;HEP",
  "ReceiveCoilName": "Head_32",
  "ReconMatrixPE": 96,
  "RepetitionTime": 0.675,
  "SAR": 0.0847732,
  "ScanningSequence": "GR",
  "SequenceName": "_fm2d2r",
  "SequenceVariant": "SP",
  "SeriesDescription": "fmap_acq-2.5mm",
  "SeriesNumber": 6,
  "ShimSetting": [
    4137,
    -7708,
    -7314,
    608,
    -31,
    12,
    10,
    46
  ],
  "SliceThickness": 2.5,
  "SliceTiming": [
    0.33594,
    0,
    0.35156,
    0.01562,
    0.35938,
    0.02344,
    0.375,
    0.03906,
    0.39062,
    0.05469,
    0.40625,
    0.07031,
    0.42188,
    0.08594,
    0.4375,
    0.10156,
    0.44531,
    0.10938,
    0.46094,
    0.125,
    0.47656,
    0.14062,
    0.49219,
    0.15625,
    0.50781,
    0.16406,
    0.51562,
    0.17969,
    0.53125,
    0.19531,
    0.54688,
    0.21094,
    0.5625,
    0.22656,
    0.57812,
    0.23438,
    0.58594,
    0.25,
    0.60156,
    0.26562,
    0.61719,
    0.28125,
    0.63281,
    0.28906,
    0.64844,
    0.30469,
    0.66406,
    0.32031
  ],
  "SoftwareVersions": "syngo_MR_E11",
  "SpacingBetweenSlices": 2.5,
  "StationName": "AWP66112",
  "TxRefAmp": 226.645
}