{
  "AcquisitionMatrixPE": 96,
  "AcquisitionNumber": 1,
  "AcquisitionTime": "16:35:47.245000",
  "BaseResolution": 96,
  "BodyPartExamined": "BRAIN",
  "ConsistencyInfo": "N4_VE11C_LATEST_20160120",
  "ConversionSoftware": "dcm2niix",
  "ConversionSoftwareVersion": "v1.0.20190902",
  "DeviceSerialNumber": "66112",
  "DwellTime": 8.8e-06,
  "EchoNumber": 2,
  "EchoTime": 0.00738,
  "EchoTime1": 0.00492,
  "EchoTime2": 0.00738,
  "FlipAngle": 60,
  "ImageOrientationPatientDICOM": [
    0.999348,
    0.0305185,
    -0.019304,
    -0.0324534,
    0.993459,
    -0.109477
  ],
  "ImageType": [
    "ORIGINAL",
    "PRIMARY",
    "P",
    "ND"
  ],
  "ImagingFrequency": 123.252,
  "InPlanePhaseEncodingDirectionDICOM": "COL",
  "InstitutionAddress": "Maynard_3_Hanover_NH_US_03755",
  "InstitutionName": "Dartmouth_College_-_PBS",
  "InstitutionalDepartmentName": "Department",
  "IntendedFor": [
    "func/sub-sid000535_task-movie_run-01_bold.nii.gz",
    "func/sub-sid000535_task-movie_run-02_bold.nii.gz",
    "func/sub-sid000535_task-movie_run-03_bold.nii.gz",
    "func/sub-sid000535_task-movie_run-04_bold.nii.gz",
    "func/sub-sid000535_task-movie_run-05_bold.nii.gz"
  ],
  "MRAcquisitionType": "2D",
  "MagneticFieldStrength": 3,
  "Manufacturer": "Siemens",
  "ManufacturersModelName": "Prisma",
  "Modality": "MR",
  "MultibandAccelerationFactor": 2,
  "PartialFourier": 1,
  "PatientPosition": "HFS",
  "PercentPhaseFOV": 100,
  "PhaseEncodingDirection": "j-",
  "PhaseEncodingSteps": 96,
  "PhaseResolution": 1,
  "PixelBandwidth": 590,
  "ProcedureStepDescription": "Gobbini_Matteo_1037_budapest",
  "ProtocolName": "fmap_acq-2.5mm",
  "PulseSequenceDetails": "%SiemensSeq%_gre_field_mapping",
  "ReceiveCoilActiveElements": "HEA;HEP",
  "ReceiveCoilName": "Head_32",
  "ReconMatrixPE": 96,
  "RepetitionTime": 0.675,
  "SAR": 0.0898806,
  "ScanningSequence": "GR",
  "SequenceName": "_fm2d2r",
  "SequenceVariant": "SP",
  "SeriesDescription": "fmap_acq-2.5mm",
  "SeriesNumber": 7,
  "ShimSetting": [
    4142,
    -7688,
    -7297,
    536,
    -41,
    56,
    72,
    116
  ],
  "SliceThickness": 2.5,
  "SliceTiming": [
    0.34375,
    0,
    0.34375,
    0.01562,
    0.35938,
    0.03125,
    0.375,
    0.04688,
    0.39062,
    0.0625,
    0.40625,
    0.07812,
    0.42188,
    0.07812,
    0.4375,
    0.09375,
    0.45312,
    0.10938,
    0.46875,
    0.125,
    0.48438,
    0.14062,
    0.5,
    0.15625,
    0.5,
    0.17188,
    0.51562,
    0.1875,
    0.53125,
    0.20312,
    0.54688,
    0.21875,
    0.5625,
    0.21875,
    0.57812,
    0.23438,
    0.59375,
    0.25,
    0.60938,
    0.26562,
    0.625,
    0.28125,
    0.64062,
    0.29688,
    0.64062,
    0.3125,
    0.65625,
    0.32812
  ],
  "SoftwareVersions": "syngo_MR_E11",
  "SpacingBetweenSlices": 2.5,
  "StationName": "AWP66112",
  "TxRefAmp": 243.32,
  "dcmmeta_affine": [
    [
      -2.4983694553375244,
      -0.0811333954334259,
      -0.03959167003631592,
      126.77254486083984
    ],
    [
      -0.0762961283326149,
      2.4836485385894775,
      -0.2750800549983978,
      -100.10101318359375
    ],
    [
      -0.04826008528470993,
      0.27369236946105957,
      2.4845046997070312,
      -82.69857788085938
    ],
    [
      0.0,
      0.0,
      0.0,
      1.0
    ]
  ],
  "dcmmeta_reorient_transform": [
    [
      0.0,
      -1.0,
      0.0,
      95.0
    ],
    [
      1.0,
      0.0,
      0.0,
      0.0
    ],
    [
      0.0,
      0.0,
      -1.0,
      47.0
    ],
    [
      0.0,
      0.0,
      0.0,
      1.0
    ]
  ],
  "dcmmeta_shape": [
    96,
    96,
    48
  ],
  "dcmmeta_slice_dim": 2,
  "dcmmeta_version": 0.6,
  "global": {
    "const": {
      "AccessionNumber": "A001306",
      "AcquisitionMatrix": [
        96,
        0,
        0,
        96
      ],
      "AcquisitionNumber": 1,
      "AngioFlag": "N",
      "BitsAllocated": 16,
      "BitsStored": 12,
      "BodyPartExamined": "BRAIN",
      "Columns": 96,
      "EchoNumbers": 2,
      "EchoTime": 7.38,
      "EchoTrainLength": 0,
      "FlipAngle": 60.0,
      "HighBit": 11,
      "ImageOrientationPatient": [
        0.99934777645463,
        0.03051845257847,
        -0.0193040344853,
        -0.032453357159,
        0.99345939914964,
        -0.1094769466617
      ],
      "ImageType": [
        "ORIGINAL",
        "PRIMARY",
        "P",
        "ND"
      ],
      "ImagedNucleus": "1H",
      "ImagingFrequency": 123.252286,
      "InPlanePhaseEncodingDirection": "COL",
      "MRAcquisitionType": "2D",
      "MagneticFieldStrength": 3.0,
      "Manufacturer": "SIEMENS",
      "ManufacturerModelName": "Prisma",
      "Modality": "MR",
      "NumberOfAverages": 1.0,
      "NumberOfPhaseEncodingSteps": 96,
      "PercentPhaseFieldOfView": 100.0,
      "PercentSampling": 100.0,
      "PerformedProcedureStepStartTime": "162113.419000",
      "PhotometricInterpretation": "MONOCHROME2",
      "PixelBandwidth": 590.0,
      "PixelRepresentation": 0,
      "PixelSpacing": [
        2.5,
        2.5
      ],
      "ProtocolName": "fmap_acq-2.5mm",
      "RepetitionTime": 675.0,
      "RescaleIntercept": -4096.0,
      "RescaleSlope": 2.0,
      "RescaleType": "US",
      "Rows": 96,
      "SAR": 0.0898806141581,
      "SamplesPerPixel": 1,
      "ScanningSequence": "GR",
      "SequenceName": "*fm2d2r",
      "SequenceVariant": "SP",
      "SeriesDescription": "fmap_acq-2.5mm",
      "SeriesNumber": 7,
      "SeriesTime": "163756.441000",
      "SliceThickness": 2.5,
      "SoftwareVersions": "syngo MR E11",
      "SpacingBetweenSlices": 2.5,
      "SpecificCharacterSet": "ISO_IR 100",
      "StudyID": "1",
      "StudyTime": "162113.339000",
      "TransmitCoilName": "Body",
      "VariableFlipAngleFlag": "N",
      "WindowCenterWidthExplanation": "Algo1",
      "dBdt": 0.0
    },
